GIT
  remote: https://github.com/CocoaPods/CLAide.git
  revision: ce2a7890dbfcaecd38347195d5c753cdb893e636
  branch: master
  specs:
    claide (0.7.0)

GIT
  remote: https://github.com/CocoaPods/Core.git
  revision: 64d5b311a7ee1dd6e0ad8716a1bd5033436d04d8
  branch: source-url
  specs:
    cocoapods-core (0.34.0.rc2)
      activesupport (>= 3.2.15)
      fuzzy_match (~> 2.0.4)
      json_pure (~> 1.8)
      nap (~> 0.8.0)

GIT
  remote: https://github.com/CocoaPods/Xcodeproj.git
  revision: 4066d3b7526ec1165c1e62d8534fcfff6d57b606
  branch: master
  specs:
    xcodeproj (0.19.1)
      CFPropertyList (~> 2.2)
      activesupport (~> 3.0)
      colored (~> 1.2)

GIT
  remote: https://github.com/CocoaPods/cocoapods-downloader.git
  revision: 13d36d08a42102ac162cd204f199d31099f21e14
  branch: master
  specs:
    cocoapods-downloader (0.7.0)

GIT
  remote: https://github.com/CocoaPods/cocoapods-plugins.git
  revision: b681dc7abcbc332c0a7197fb232d3bf7c449f00a
  branch: master
  specs:
    cocoapods-plugins (0.3.1)
      nap

GIT
  remote: https://github.com/CocoaPods/cocoapods-trunk.git
  revision: 66f0bc0ead97d31b3b7c4154e0abd55dbdcf724f
  branch: master
  specs:
    cocoapods-trunk (0.2.0)
      json_pure (~> 1.8)
      nap (>= 0.8)
      netrc

GIT
  remote: https://github.com/CocoaPods/cocoapods-try.git
  revision: 477d0e58299f03d9048048af2e46cfb95e06d19d
  branch: master
  specs:
    cocoapods-try (0.4.0)

PATH
  remote: .
  specs:
    cocoapods (0.34.0.rc2)
      activesupport (>= 3.2.15, < 4)
      claide (~> 0.7.0)
      cocoapods-core (= 0.34.0.rc2)
      cocoapods-downloader (~> 0.7.0)
      cocoapods-plugins (~> 0.3.1)
      cocoapods-trunk (~> 0.2.0)
      cocoapods-try (~> 0.4.0)
      colored (~> 1.2)
      escape (~> 0.0.4)
      json_pure (~> 1.8)
      nap (~> 0.8)
      open4 (~> 1.3)
      xcodeproj (~> 0.19.1)

GEM
  remote: http://rubygems.org/
  specs:
    CFPropertyList (2.2.8)
    activesupport (3.2.19)
      i18n (~> 0.6, >= 0.6.4)
      multi_json (~> 1.0)
    addressable (2.3.6)
    ast (2.0.0)
    astrolabe (1.3.0)
      parser (>= 2.2.0.pre.3, < 3.0)
    awesome_print (1.2.0)
    bacon (1.2.0)
    clintegracon (0.5.2)
      colored (~> 1.2)
      diffy
    coderay (1.1.0)
    colored (1.2)
    crack (0.4.2)
      safe_yaml (~> 1.0.0)
    diffy (3.0.6)
    escape (0.0.4)
    ffi (1.9.3)
    fuzzy_match (2.0.4)
    i18n (0.6.4)
    json_pure (1.8.1)
    kicker (3.0.0)
      listen (~> 1.3.0)
      notify (~> 0.5.2)
    libxml-ruby (2.7.0)
    listen (1.3.1)
      rb-fsevent (>= 0.9.3)
      rb-inotify (>= 0.9)
      rb-kqueue (>= 0.2)
    metaclass (0.0.4)
    method_source (0.8.2)
    mime-types (1.25.1)
    mocha (1.1.0)
      metaclass (~> 0.0.1)
    mocha-on-bacon (0.2.2)
      mocha (>= 0.13.0)
    multi_json (1.10.1)
    nap (0.8.0)
    netrc (0.7.7)
    notify (0.5.2)
    open4 (1.3.4)
    parser (2.2.0.pre.4)
      ast (>= 1.1, < 3.0)
      slop (~> 3.4, >= 3.4.5)
    powerpack (0.0.9)
    prettybacon (0.0.2)
      bacon (~> 1.2)
    pry (0.10.1)
      coderay (~> 1.1.0)
      method_source (~> 0.8.1)
      slop (~> 3.4)
    rainbow (2.0.0)
    rake (10.3.2)
    rb-fsevent (0.9.4)
    rb-inotify (0.9.5)
      ffi (>= 0.5.0)
    rb-kqueue (0.2.3)
      ffi (>= 0.5.0)
    rubocop (0.26.0)
      astrolabe (~> 1.3)
      parser (>= 2.2.0.pre.4, < 3.0)
      powerpack (~> 0.0.6)
      rainbow (>= 1.99.1, < 3.0)
      ruby-progressbar (~> 1.4)
    ruby-progressbar (1.5.1)
    safe_yaml (1.0.3)
    slop (3.6.0)
    webmock (1.18.0)
      addressable (>= 2.3.6)
      crack (>= 0.3.2)

PLATFORMS
  ruby

DEPENDENCIES
  activesupport (< 4)
  awesome_print
  bacon
  bundler (~> 1.3)
  claide!
  clintegracon
  cocoapods!
  cocoapods-core!
  cocoapods-downloader!
  cocoapods-plugins!
  cocoapods-trunk!
  cocoapods-try!
  diffy
  i18n (= 0.6.4)
  kicker
  libxml-ruby
  mime-types (< 2.0)
  mocha
  mocha-on-bacon
  prettybacon
  pry
  rake
  rb-fsevent
  rubocop
  webmock
  xcodeproj!
