GIT
  remote: git://github.com/CocoaPods/Xcodeproj.git
  revision: cfdd9029603a6bea7cc8a8b44e77cc9d8eb917a0
  specs:
    xcodeproj (0.5.0)
      activesupport (~> 3.2.6)
      colored (~> 1.2)

GIT
  remote: https://github.com/alloy/kicker.git
  revision: 6430787ebf8b9305acc2d2f89ae5cf01d2cd5488
  branch: 3.0.0
  specs:
    kicker (3.0.0pre1)
      listen
      terminal-notifier

PATH
  remote: .
  specs:
    cocoapods (0.16.4)
      activesupport (~> 3.2.6)
      colored (~> 1.2)
      escape (~> 0.0.4)
      faraday (~> 0.8.1)
      json (~> 1.7.3)
      octokit (~> 1.7)
      open4 (~> 1.3.0)
      rake (~> 10.0.0)
      xcodeproj (~> 0.5.0)

GEM
  remote: http://rubygems.org/
  specs:
    activesupport (3.2.12)
      i18n (~> 0.6)
      multi_json (~> 1.0)
    addressable (2.3.3)
    awesome_print (1.1.0)
    bacon (1.2.0)
    coderay (1.0.8)
    colored (1.2)
    crack (0.3.2)
    escape (0.0.4)
    faraday (0.8.5)
      multipart-post (~> 1.1)
    faraday_middleware (0.9.0)
      faraday (>= 0.7.4, < 0.9)
    github-markup (0.7.5)
    hashie (1.2.0)
    i18n (0.6.1)
    json (1.7.7)
    listen (0.7.2)
    metaclass (0.0.1)
    method_source (0.8.1)
    mocha (0.11.4)
      metaclass (~> 0.0.1)
    mocha-on-bacon (0.2.1)
      mocha (>= 0.9.8)
    multi_json (1.6.1)
    multipart-post (1.1.5)
    netrc (0.7.7)
    octokit (1.23.0)
      addressable (~> 2.2)
      faraday (~> 0.8)
      faraday_middleware (~> 0.9)
      hashie (~> 1.2)
      multi_json (~> 1.3)
      netrc (~> 0.7.7)
    open4 (1.3.0)
    pry (0.9.12)
      coderay (~> 1.0.5)
      method_source (~> 0.8)
      slop (~> 3.4)
    rake (10.0.3)
    rb-fsevent (0.9.3)
    redcarpet (2.2.2)
    slop (3.4.3)
    terminal-notifier (1.4.2)
    vcr (2.4.0)
    webmock (1.9.3)
      addressable (>= 2.2.7)
      crack (>= 0.3.2)
    yard (0.8.4.1)

PLATFORMS
  ruby

DEPENDENCIES
  awesome_print
  bacon
  cocoapods!
  github-markup
  kicker!
  mocha (~> 0.11.4)
  mocha-on-bacon
  pry
  rake
  rb-fsevent
  redcarpet
  vcr
  webmock
  xcodeproj!
  yard
