GIT
  remote: git://github.com/CocoaPods/CocoaPods.git
  revision: 2b500a99373c5b279cc1da0d17fedc30b5aa9d34
  branch: master
  specs:
    cocoapods (0.31.1)
      activesupport (>= 3.2.15, < 4)
      claide (~> 0.5.0)
      cocoapods-core (= 0.31.1)
      cocoapods-downloader (~> 0.4.1)
      cocoapods-try (~> 0.2.0)
      colored (~> 1.2)
      escape (~> 0.0.4)
      json_pure (~> 1.8)
      nap (~> 0.7)
      open4 (~> 1.3)
      xcodeproj (~> 0.16.0)

GIT
  remote: git://github.com/CocoaPods/Core.git
  revision: aee5a48a5438e9d65413740268d349a5d22269db
  branch: master
  specs:
    cocoapods-core (0.31.1)
      activesupport (>= 3.2.15, < 4)
      fuzzy_match (~> 2.0.4)
      json_pure (~> 1.8)
      nap (~> 0.5)

GIT
  remote: git://github.com/CocoaPods/Xcodeproj.git
  revision: 357d061b0b3a60fa6ac0a40cb3da6ce7689e3c9e
  branch: master
  specs:
    xcodeproj (0.16.0)
      activesupport (~> 3.0)
      colored (~> 1.2)

GEM
  remote: http://rubygems.org/
  specs:
    activesupport (3.2.17)
      i18n (~> 0.6, >= 0.6.4)
      multi_json (~> 1.0)
    claide (0.5.0)
    cocoapods-downloader (0.4.1)
    cocoapods-try (0.2.0)
    colored (1.2)
    escape (0.0.4)
    fuzzy_match (2.0.4)
    i18n (0.6.9)
    json_pure (1.8.1)
    multi_json (1.9.2)
    nap (0.7.0)
    open4 (1.3.3)
    rake (10.2.2)

PLATFORMS
  ruby

DEPENDENCIES
  cocoapods!
  cocoapods-core!
  rake
  xcodeproj!
