PATH
  remote: .
  specs:
    cocoapods (0.33.1)
      activesupport (>= 3.2.15, < 4)
      claide (~> 0.6.1)
      cocoapods-core (= 0.33.1)
      cocoapods-downloader (~> 0.6.1)
      cocoapods-plugins (~> 0.2.0)
      cocoapods-trunk (~> 0.1.4)
      cocoapods-try (~> 0.3.0)
      colored (~> 1.2)
      escape (~> 0.0.4)
      json_pure (~> 1.8)
      nap (~> 0.8)
      open4 (~> 1.3)
      xcodeproj (~> 0.18.0)

GIT
  remote: https://github.com/CocoaPods/Xcodeproj.git
  revision: de7a0fa64bc9a0d72278b4d384539ce748df6220
  branch: master
  specs:
    xcodeproj (0.18.0)
      CFPropertyList (~> 2.2)
      activesupport (~> 3.0)
      colored (~> 1.2)

GIT
  remote: https://github.com/CocoaPods/cocoapods-try.git
  revision: 754e53f3c3eec4c5ba129d6955484fb27631d1d5
  branch: master
  specs:
    cocoapods-try (0.3.0)

GIT
  remote: https://github.com/CocoaPods/cocoapods-trunk.git
  revision: 72e02a7ad3f429a6e76e602a238e91eb55c44165
  branch: master
  specs:
    cocoapods-trunk (0.1.4)
      json_pure (~> 1.8)
      nap (>= 0.8)
      netrc

GIT
  remote: https://github.com/CocoaPods/cocoapods-plugins.git
  revision: 3e155c3aca043a70e9a43138520a1ae75bf59d3d
  branch: master
  specs:
    cocoapods-plugins (0.2.0)
      nap

GIT
  remote: https://github.com/CocoaPods/cocoapods-downloader.git
  revision: 0e02c9da094a82c5049cbf7266d9eefef2fd5552
  branch: master
  specs:
    cocoapods-downloader (0.6.1)

GIT
  remote: https://github.com/CocoaPods/Core.git
  revision: b997f050f65b2823bbf3539308206b1b0e630932
  branch: master
  specs:
    cocoapods-core (0.33.1)
      activesupport (>= 3.2.15)
      fuzzy_match (~> 2.0.4)
      json_pure (~> 1.8)
      nap (~> 0.8.0)

GIT
  remote: https://github.com/CocoaPods/CLAide.git
  revision: 303b96021e0fdd0003a71f1f9bf6823a6262ba12
  branch: master
  specs:
    claide (0.6.1)

GEM
  remote: http://rubygems.org/
  specs:
    CFPropertyList (2.2.8)
    activesupport (3.2.19)
      i18n (~> 0.6, >= 0.6.4)
      multi_json (~> 1.0)
    addressable (2.3.6)
    ast (2.0.0)
    awesome_print (1.2.0)
    bacon (1.2.0)
    clintegracon (0.5.2)
      colored (~> 1.2)
      diffy
    coderay (1.1.0)
    colored (1.2)
    crack (0.4.2)
      safe_yaml (~> 1.0.0)
    diffy (3.0.6)
    escape (0.0.4)
    ffi (1.9.3)
    fuzzy_match (2.0.4)
    i18n (0.6.4)
    json (1.8.1)
    json_pure (1.8.1)
    kicker (3.0.0)
      listen (~> 1.3.0)
      notify (~> 0.5.2)
    libxml-ruby (2.7.0)
    listen (1.3.1)
      rb-fsevent (>= 0.9.3)
      rb-inotify (>= 0.9)
      rb-kqueue (>= 0.2)
    metaclass (0.0.4)
    method_source (0.8.2)
    mime-types (1.25.1)
    mocha (1.1.0)
      metaclass (~> 0.0.1)
    mocha-on-bacon (0.2.2)
      mocha (>= 0.13.0)
    multi_json (1.10.1)
    nap (0.8.0)
    netrc (0.7.7)
    notify (0.5.2)
    open4 (1.3.4)
    parser (2.2.0.pre.4)
      ast (>= 1.1, < 3.0)
      slop (~> 3.4, >= 3.4.5)
    powerpack (0.0.9)
    prettybacon (0.0.2)
      bacon (~> 1.2)
    pry (0.10.0)
      coderay (~> 1.1.0)
      method_source (~> 0.8.1)
      slop (~> 3.4)
    rainbow (2.0.0)
    rb-fsevent (0.9.4)
    rb-inotify (0.9.5)
      ffi (>= 0.5.0)
    rb-kqueue (0.2.3)
      ffi (>= 0.5.0)
    rubocop (0.24.1)
      json (>= 1.7.7, < 2)
      parser (>= 2.2.0.pre.3, < 3.0)
      powerpack (~> 0.0.6)
      rainbow (>= 1.99.1, < 3.0)
      ruby-progressbar (~> 1.4)
    ruby-progressbar (1.5.1)
    safe_yaml (1.0.3)
    slop (3.6.0)
    webmock (1.18.0)
      addressable (>= 2.3.6)
      crack (>= 0.3.2)

PLATFORMS
  ruby

DEPENDENCIES
  activesupport (< 4)
  awesome_print
  bacon
  claide!
  clintegracon
  cocoapods!
  cocoapods-core!
  cocoapods-downloader!
  cocoapods-plugins!
  cocoapods-trunk!
  cocoapods-try!
  diffy
  i18n (= 0.6.4)
  kicker
  libxml-ruby
  mime-types (< 2.0)
  mocha
  mocha-on-bacon
  prettybacon
  pry
  rb-fsevent
  rubocop
  webmock
  xcodeproj!
