GIT
  remote: https://github.com/CocoaPods/CLAide.git
  revision: fc70a4b2e6d7b436b06501c48a909c0f8a4d370e
  branch: master
  specs:
    claide (0.5.0)

GIT
  remote: https://github.com/CocoaPods/Core.git
  revision: 15a071e1be2cf9ba0f56ab3fe1dc8ac14f6bd9ec
  branch: master
  specs:
    cocoapods-core (0.32.1)
      activesupport (>= 3.2.15, < 4)
      fuzzy_match (~> 2.0.4)
      json_pure (~> 1.8)
      nap (~> 0.5)

GIT
  remote: https://github.com/CocoaPods/Xcodeproj.git
  revision: 14799a979aa0bfb958497c5571234ada8462bff1
  branch: master
  specs:
    xcodeproj (0.16.1)
      activesupport (~> 3.0)
      colored (~> 1.2)

GIT
  remote: https://github.com/CocoaPods/cocoapods-downloader.git
  revision: a1a2eeab728b931cbbba112840e5d570b97543d2
  branch: master
  specs:
    cocoapods-downloader (0.5.0)

GIT
  remote: https://github.com/CocoaPods/cocoapods-plugins.git
  revision: 413e7ba6c956f798af05db4aa66941c010a1517b
  branch: master
  specs:
    cocoapods-plugins (0.1.1)
      nap

GIT
  remote: https://github.com/CocoaPods/cocoapods-trunk.git
  revision: b1ffdd2f574cceddadf2b123ed7d3656ae68ff57
  branch: master
  specs:
    cocoapods-trunk (0.1.0)
      json (~> 1.8)
      nap (>= 0.6)
      netrc

GIT
  remote: https://github.com/CocoaPods/cocoapods-try.git
  revision: 42b89e0be51405014126c7954d2fce1aa187626a
  branch: master
  specs:
    cocoapods-try (0.2.0)

GIT
  remote: https://github.com/ruby-prof/ruby-prof.git
  revision: b56c1268ba001f5eb55f940ca1c83bc6b83a9752
  specs:
    ruby-prof (0.14.2)

PATH
  remote: .
  specs:
    cocoapods (0.32.1)
      activesupport (>= 3.2.15, < 4)
      claide (~> 0.5.0)
      cocoapods-core (= 0.32.1)
      cocoapods-downloader (~> 0.5.0)
      cocoapods-plugins (~> 0.1.0)
      cocoapods-trunk (~> 0.1.0)
      cocoapods-try (~> 0.2.0)
      colored (~> 1.2)
      escape (~> 0.0.4)
      json_pure (~> 1.8)
      nap (~> 0.7)
      open4 (~> 1.3)
      xcodeproj (~> 0.16.1)

GEM
  remote: http://rubygems.org/
  specs:
    activesupport (3.2.17)
      i18n (~> 0.6, >= 0.6.4)
      multi_json (~> 1.0)
    addressable (2.3.6)
    awesome_print (1.2.0)
    bacon (1.2.0)
    coderay (1.1.0)
    colored (1.2)
    coveralls (0.7.0)
      multi_json (~> 1.3)
      rest-client
      simplecov (>= 0.7)
      term-ansicolor
      thor
    crack (0.4.2)
      safe_yaml (~> 1.0.0)
    diffy (3.0.4)
    docile (1.1.3)
    escape (0.0.4)
    ffi (1.9.3)
    fuzzy_match (2.0.4)
    github-markup (1.2.1)
      posix-spawn (~> 0.3.8)
    i18n (0.6.4)
    json (1.8.1)
    json_pure (1.8.1)
    kicker (3.0.0)
      listen (~> 1.3.0)
      notify (~> 0.5.2)
    listen (1.3.1)
      rb-fsevent (>= 0.9.3)
      rb-inotify (>= 0.9)
      rb-kqueue (>= 0.2)
    metaclass (0.0.4)
    method_source (0.8.2)
    mime-types (1.25.1)
    mocha (1.0.0)
      metaclass (~> 0.0.1)
    mocha-on-bacon (0.2.2)
      mocha (>= 0.13.0)
    multi_json (1.9.2)
    nap (0.7.0)
    netrc (0.7.7)
    notify (0.5.2)
    open4 (1.3.4)
    posix-spawn (0.3.8)
    prettybacon (0.0.2)
      bacon (~> 1.2)
    pry (0.9.12.6)
      coderay (~> 1.0)
      method_source (~> 0.8)
      slop (~> 3.4)
    pygments.rb (0.5.4)
      posix-spawn (~> 0.3.6)
      yajl-ruby (~> 1.1.0)
    rake (10.1.1)
    rb-fsevent (0.9.4)
    rb-inotify (0.9.4)
      ffi (>= 0.5.0)
    rb-kqueue (0.2.2)
      ffi (>= 0.5.0)
    redcarpet (2.3.0)
    rest-client (1.6.7)
      mime-types (>= 1.16)
    safe_yaml (1.0.3)
    simplecov (0.8.2)
      docile (~> 1.1.0)
      multi_json
      simplecov-html (~> 0.8.0)
    simplecov-html (0.8.0)
    slop (3.5.0)
    term-ansicolor (1.3.0)
      tins (~> 1.0)
    thor (0.19.1)
    tins (1.1.0)
    webmock (1.15.2)
      addressable (>= 2.2.7)
      crack (>= 0.3.2)
    yajl-ruby (1.1.0)
    yard (0.8.7.4)

PLATFORMS
  ruby

DEPENDENCIES
  awesome_print
  bacon
  claide!
  cocoapods!
  cocoapods-core!
  cocoapods-downloader!
  cocoapods-plugins!
  cocoapods-trunk!
  cocoapods-try!
  coveralls
  diffy
  github-markup
  i18n (= 0.6.4)
  kicker
  mime-types (< 2)
  mocha
  mocha-on-bacon
  prettybacon
  pry
  pygments.rb
  rake (~> 10.1.0)
  rb-fsevent
  redcarpet (< 3.0.0)
  ruby-prof!
  simplecov
  webmock (< 1.16)
  xcodeproj!
  yard
